GEM
  remote: http://rubygems.org/
  specs:
    activemodel (4.0.2)
      activesupport (= 4.0.2)
      builder (~> 3.1.0)
    activesupport (4.0.2)
      i18n (~> 0.6, >= 0.6.4)
      minitest (~> 4.2)
      multi_json (~> 1.3)
      thread_safe (~> 0.1)
      tzinfo (~> 0.3.37)
    atomic (1.1.14)
    builder (3.1.4)
    configatron (2.9.1)
      yamler (>= 0.1.0)
    git (1.2.5)
    i18n (0.6.9)
    jeweler (1.8.4)
      bundler (~> 1.0)
      git (>= 1.2.5)
      rake
      rdoc
    json (1.7.3)
    minitest (4.7.5)
    multi_json (1.8.2)
    protected_attributes (1.0.5)
      activemodel (>= 4.0.1, < 5.0)
    rake (0.9.2.2)
    rdoc (3.12)
      json (~> 1.4)
    thread_safe (0.1.3)
      atomic
    tzinfo (0.3.38)
    yamler (0.1.0)

PLATFORMS
  ruby

DEPENDENCIES
  bundler (~> 1.5.0)
  configatron
  jeweler (~> 1.8.4)
  json
  protected_attributes
  rdoc (~> 3.12)
